GEM
  remote: https://rubygems.org/
  specs:
    builder (3.2.4)
    faraday (1.0.0)
      multipart-post (>= 1.2, < 3)
    geminabox (1.1.1)
      builder
      faraday
      httpclient (>= 2.2.7)
      nesty
      reentrant_flock
      sinatra (>= 1.2.7)
    httpclient (2.8.3)
    kgio (2.11.3)
    multipart-post (2.1.1)
    mustermann (3.0.0)
      ruby2_keywords (~> 0.0.1)
    nesty (1.0.2)
    rack (2.2.4)
    rack-protection (3.0.4)
      rack
    raindrops (0.19.1)
    reentrant_flock (0.1.1)
    ruby2_keywords (0.0.5)
    sinatra (3.0.4)
      mustermann (~> 3.0)
      rack (~> 2.2, >= 2.2.4)
      rack-protection (= 3.0.4)
      tilt (~> 2.0)
    tilt (2.0.11)
    unicorn (5.5.3)
      kgio (~> 2.6)
      raindrops (~> 0.7)

PLATFORMS
  ruby

DEPENDENCIES
  builder (~> 3.2)
  geminabox
  unicorn (~> 5.5)

BUNDLED WITH
   2.0.2
